GEM
  remote: https://rubygems.org/
  specs:
    cgi (0.3.6)
    cloud_events (0.7.0)
    concurrent-ruby (1.2.2)
    dry-core (1.0.0)
      concurrent-ruby (~> 1.0)
      zeitwerk (~> 2.6)
    dry-inflector (1.0.0)
    dry-logic (1.5.0)
      concurrent-ruby (~> 1.0)
      dry-core (~> 1.0, < 2)
      zeitwerk (~> 2.6)
    dry-struct (1.6.0)
      dry-core (~> 1.0, < 2)
      dry-types (>= 1.7, < 2)
      ice_nine (~> 0.11)
      zeitwerk (~> 2.6)
    dry-types (1.7.1)
      concurrent-ruby (~> 1.0)
      dry-core (~> 1.0)
      dry-inflector (~> 1.0)
      dry-logic (~> 1.4)
      zeitwerk (~> 2.6)
    faraday (2.7.4)
      faraday-net_http (>= 2.0, < 3.1)
      ruby2_keywords (>= 0.0.4)
    faraday-multipart (1.0.4)
      multipart-post (~> 2)
    faraday-net_http (3.0.2)
    functions_framework (1.3.0)
      cloud_events (>= 0.7.0, < 2.a)
      puma (>= 4.3.0, < 7.a)
      rack (>= 2.1, < 4.a)
    ice_nine (0.11.2)
    multipart-post (2.3.0)
    nio4r (2.5.9)
    puma (6.2.1)
      nio4r (~> 2.0)
    rack (3.0.7)
    ruby2_keywords (0.0.5)
    rubysl-base64 (2.0.0)
    strings (0.2.1)
      strings-ansi (~> 0.2)
      unicode-display_width (>= 1.5, < 3.0)
      unicode_utils (~> 1.4)
    strings-ansi (0.2.0)
    telegram-bot-ruby (1.0.0)
      dry-struct (~> 1.6)
      faraday (~> 2.0)
      faraday-multipart (~> 1.0)
      zeitwerk (~> 2.6)
    unicode-display_width (2.4.2)
    unicode_utils (1.4.0)
    zeitwerk (2.6.7)

PLATFORMS
  x86_64-darwin-19

DEPENDENCIES
  cgi (~> 0.3.6)
  functions_framework (~> 1.2)
  rubysl-base64 (~> 2.0)
  strings (~> 0.2.1)
  telegram-bot-ruby (~> 1.0)

BUNDLED WITH
   2.4.10
